GEM
  remote: http://rubygems.org/
  specs:
    json (1.6.4)
    rack (1.4.0)
    rack-cors (0.2.4)
      rack
    rack-protection (1.2.0)
      rack
    redcarpet (2.0.1)
    sinatra (1.3.2)
      rack (~> 1.3, >= 1.3.6)
      rack-protection (~> 1.2)
      tilt (~> 1.3, >= 1.3.3)
    tilt (1.3.3)

PLATFORMS
  ruby

DEPENDENCIES
  json
  rack-cors
  redcarpet (~> 2.0)
  sinatra (~> 1.0)
